GEM
  remote: http://rubygems.org/
  specs:
    adsf (1.0.1)
      rack (>= 1.0.0)
    cri (2.1.0)
    kramdown (0.13.4)
    mime-types (1.17.2)
    nanoc (3.3.1)
      cri (~> 2.1)
    nokogiri (1.5.0)
    pygmentize (0.0.3)
    rack (1.4.1)
    rake (0.9.2.2)
    systemu (2.4.2)
    yajl-ruby (1.1.0)

PLATFORMS
  ruby

DEPENDENCIES
  adsf
  cri (~> 2.1.0)
  kramdown (~> 0.13.4)
  mime-types (~> 1.17.2)
  nanoc (~> 3.3.1)
  nokogiri (~> 1.5.0)
  pygmentize (~> 0.0.3)
  rack (~> 1.4.1)
  rake (~> 0.9.2)
  systemu (~> 2.4.2)
  yajl-ruby (~> 1.1.0)
